GEM
  remote: https://rubygems.org/
  specs:
    ansi (1.5.0)
    builder (3.2.4)
    minitest (5.16.3)
    minitest-reporters (1.5.0)
      ansi
      builder
      minitest (>= 5.0)
      ruby-progressbar
    rake (13.0.6)
    ruby-progressbar (1.11.0)
    stamp (0.6.0)

PLATFORMS
  x86_64-linux

DEPENDENCIES
  minitest (~> 5.10)
  minitest-reporters (~> 1.1)
  rake
  stamp (~> 0.6.0)

RUBY VERSION
   ruby 2.7.6p219

BUNDLED WITH
   2.3.22
